PATH
  remote: .
  specs:
    net-protocol (0.1.0)

GEM
  remote: https://rubygems.org/
  specs:
    power_assert (1.1.5)
    rake (12.3.3)
    test-unit (3.3.5)
      power_assert

PLATFORMS
  ruby

DEPENDENCIES
  net-protocol!
  rake
  test-unit

BUNDLED WITH
   2.1.4
